GIT
  remote: https://github.com/OSC/ood_appkit.git
  revision: 1791866cff04bac7b623610b922be6490a3c027e
  branch: global-config
  specs:
    ood_appkit (0.2.6)
      addressable (~> 2.4)
      lograge (~> 0.3)
      ood_cluster (~> 0.0)
      ood_reservations (~> 0.0)
      ood_support (~> 0.0)
      rails (~> 4.0, >= 4.0.7)
      redcarpet (~> 3.2)

GIT
  remote: https://github.com/OSC/ood_cluster.git
  revision: b2dda01a6f86785a76375e8ba7af6bf7e948fa2b
  specs:
    ood_cluster (0.0.1)
      addressable (~> 2.4)
      nokogiri (~> 1.6)
      pbs (~> 2.0, >= 2.0.1)

GIT
  remote: https://github.com/OSC/ood_reservations.git
  revision: 48f54f26e189a8fd9accfb0da670edc2d338faf3
  specs:
    ood_reservations (0.0.1)
      ood_cluster (~> 0.0)
      ood_support (~> 0.0)

GIT
  remote: https://github.com/OSC/osc-machete.git
  revision: 6a0d2cf22311ae11aeecce8a0fed32fd88082ed6
  specs:
    osc-machete (2.0.0.pre1)
      mustache
      pbs (~> 2.0)

GIT
  remote: https://github.com/OSC/osc_machete_rails.git
  revision: 12b80174f1b24bab36c5c0888b118fe10633f2e2
  branch: osc-machete-v2
  specs:
    osc_machete_rails (1.2.1)
      osc-machete (~> 2.0.0.pre)
      rails (~> 4.0)

GEM
  remote: https://rubygems.org/
  specs:
    actionmailer (4.1.15)
      actionpack (= 4.1.15)
      actionview (= 4.1.15)
      mail (~> 2.5, >= 2.5.4)
    actionpack (4.1.15)
      actionview (= 4.1.15)
      activesupport (= 4.1.15)
      rack (~> 1.5.2)
      rack-test (~> 0.6.2)
    actionview (4.1.15)
      activesupport (= 4.1.15)
      builder (~> 3.1)
      erubis (~> 2.7.0)
    activemodel (4.1.15)
      activesupport (= 4.1.15)
      builder (~> 3.1)
    activerecord (4.1.15)
      activemodel (= 4.1.15)
      activesupport (= 4.1.15)
      arel (~> 5.0.0)
    activesupport (4.1.15)
      i18n (~> 0.6, >= 0.6.9)
      json (~> 1.7, >= 1.7.7)
      minitest (~> 5.1)
      thread_safe (~> 0.1)
      tzinfo (~> 1.1)
    addressable (2.4.0)
    arel (5.0.1.20140414130214)
    autoprefixer-rails (6.4.0.2)
      execjs
    bootstrap-sass (3.3.5)
      autoprefixer-rails (>= 5.0.0.1)
      sass (>= 3.2.19)
    bootstrap_form (2.3.0)
    builder (3.2.2)
    climate_control (0.0.3)
      activesupport (>= 3.0)
    cocaine (0.5.8)
      climate_control (>= 0.0.3, < 1.0)
    coffee-rails (4.0.1)
      coffee-script (>= 2.2.0)
      railties (>= 4.0.0, < 5.0)
    coffee-script (2.4.1)
      coffee-script-source
      execjs
    coffee-script-source (1.10.0)
    concurrent-ruby (1.0.2)
    dotenv (2.1.1)
    dotenv-rails (2.1.1)
      dotenv (= 2.1.1)
      railties (>= 4.0, < 5.1)
    erubis (2.7.0)
    execjs (2.7.0)
    ffi (1.9.14)
    font-awesome-sass (4.4.0)
      sass (>= 3.2)
    i18n (0.7.0)
    jbuilder (1.5.3)
      activesupport (>= 3.0.0)
      multi_json (>= 1.2.0)
    jquery-datatables-rails (3.3.0)
      actionpack (>= 3.1)
      jquery-rails
      railties (>= 3.1)
      sass-rails
    jquery-rails (3.1.4)
      railties (>= 3.0, < 5.0)
      thor (>= 0.14, < 2.0)
    js-routes (1.2.9)
      railties (>= 3.2)
      sprockets-rails
    json (1.8.3)
    libv8 (3.16.14.15)
    lograge (0.4.1)
      actionpack (>= 4, < 5.1)
      activesupport (>= 4, < 5.1)
      railties (>= 4, < 5.1)
    mail (2.6.4)
      mime-types (>= 1.16, < 4)
    mime-types (3.1)
      mime-types-data (~> 3.2015)
    mime-types-data (3.2016.0521)
    mini_portile2 (2.1.0)
    minitest (5.9.0)
    multi_json (1.12.1)
    mustache (1.0.3)
    nokogiri (1.6.8)
      mini_portile2 (~> 2.1.0)
      pkg-config (~> 1.1.7)
    ood_support (0.0.1)
    paperclip (4.2.4)
      activemodel (>= 3.2.0)
      activesupport (>= 3.2.0)
      cocaine (~> 0.5.5)
      mime-types
    pbs (2.0.1)
      ffi (~> 1.9, >= 1.9.6)
    pkg-config (1.1.7)
    rack (1.5.5)
    rack-test (0.6.3)
      rack (>= 1.0)
    rails (4.1.15)
      actionmailer (= 4.1.15)
      actionpack (= 4.1.15)
      actionview (= 4.1.15)
      activemodel (= 4.1.15)
      activerecord (= 4.1.15)
      activesupport (= 4.1.15)
      bundler (>= 1.3.0, < 2.0)
      railties (= 4.1.15)
      sprockets-rails (~> 2.0)
    rails_12factor (0.0.3)
      rails_serve_static_assets
      rails_stdout_logging
    rails_serve_static_assets (0.0.5)
    rails_stdout_logging (0.0.5)
    railties (4.1.15)
      actionpack (= 4.1.15)
      activesupport (= 4.1.15)
      rake (>= 0.8.7)
      thor (>= 0.18.1, < 2.0)
    rake (11.2.2)
    rdoc (4.2.2)
      json (~> 1.4)
    redcarpet (3.3.4)
    ref (2.0.0)
    sass (3.4.22)
    sass-rails (5.0.6)
      railties (>= 4.0.0, < 6)
      sass (~> 3.1)
      sprockets (>= 2.8, < 4.0)
      sprockets-rails (>= 2.0, < 4.0)
      tilt (>= 1.1, < 3)
    sdoc (0.4.1)
      json (~> 1.7, >= 1.7.7)
      rdoc (~> 4.0)
    sprockets (3.7.0)
      concurrent-ruby (~> 1.0)
      rack (> 1, < 3)
    sprockets-rails (2.3.3)
      actionpack (>= 3.0)
      activesupport (>= 3.0)
      sprockets (>= 2.8, < 4.0)
    sqlite3 (1.3.11)
    therubyracer (0.12.2)
      libv8 (~> 3.16.14.0)
      ref
    thor (0.19.1)
    thread_safe (0.3.5)
    tilt (2.0.5)
    tzinfo (1.2.2)
      thread_safe (~> 0.1)
    uglifier (3.0.1)
      execjs (>= 0.3.0, < 3)

PLATFORMS
  ruby

DEPENDENCIES
  autoprefixer-rails
  bootstrap-sass (= 3.3.5)
  bootstrap_form (~> 2.3.0)
  coffee-rails (~> 4.0.0)
  dotenv-rails (~> 2.0)
  font-awesome-sass (~> 4.4.0)
  jbuilder (~> 1.2)
  jquery-datatables-rails (~> 3.3.0)
  jquery-rails
  js-routes (~> 1.2.4)
  ood_appkit!
  ood_cluster!
  ood_reservations!
  osc-machete!
  osc_machete_rails!
  paperclip (~> 4.2.2)
  pbs (~> 2.0)
  rails (= 4.1.15)
  rails_12factor
  sass-rails (~> 5.0.0)
  sdoc
  sqlite3 (~> 1.3.11)
  therubyracer
  uglifier (>= 1.3.0)
